GEM
  remote: http://rubygems.org/
  specs:
    blankslate (3.1.3)
    diff-lcs (1.4.4)
    directory_watcher (1.5.1)
    ffi (1.0.11)
    github-markdown (0.6.9)
    github-markup (0.7.5)
    gollum (1.4.3)
      github-markdown
      github-markup (>= 0.7.0, < 1.0.0)
      grit (~> 2.4.1)
      mustache (>= 0.11.2, < 1.0.0)
      nokogiri (~> 1.4)
      posix-spawn (~> 0.3.0)
      pygments.rb (~> 0.2.0)
      sanitize (~> 2.0.0)
      sinatra (~> 1.0)
    gollum-site (0.1.12)
      directory_watcher
      gollum (= 1.4.3)
      liquid (>= 2.2.2)
      mixlib-log (>= 1.1.0)
    grit (2.4.1)
      diff-lcs (~> 1.1)
      mime-types (~> 1.15)
    liquid (5.0.1)
    mime-types (1.25.1)
    mini_portile2 (2.5.1)
    mixlib-log (3.0.9)
    mustache (0.99.8)
    nokogiri (1.11.4)
      mini_portile2 (~> 2.5.0)
      racc (~> 1.4)
    posix-spawn (0.3.15)
    pygments.rb (0.2.13)
      rubypython (~> 0.5.3)
    racc (1.5.2)
    rack (1.6.13)
    rack-protection (1.5.5)
      rack
    rake (10.0.4)
    rdiscount (2.0.7.2)
    redcarpet (2.2.2)
    rspec (2.13.0)
      rspec-core (~> 2.13.0)
      rspec-expectations (~> 2.13.0)
      rspec-mocks (~> 2.13.0)
    rspec-core (2.13.1)
    rspec-expectations (2.13.0)
      diff-lcs (>= 1.1.3, < 2.0)
    rspec-mocks (2.13.1)
    rubypython (0.5.3)
      blankslate (>= 2.1.2.3)
      ffi (~> 1.0.7)
    sanitize (2.0.6)
      nokogiri (>= 1.4.4)
    sinatra (1.4.8)
      rack (~> 1.5)
      rack-protection (~> 1.4)
      tilt (>= 1.3, < 3)
    tilt (2.0.10)

PLATFORMS
  ruby

DEPENDENCIES
  gollum (>= 1.4.3)
  gollum-site (>= 0.1.12)
  rake
  rdiscount
  redcarpet
  rspec

BUNDLED WITH
   2.1.4
